GEM
  remote: https://rubygems.org/
  specs:
    coderay (1.0.8)
    method_source (0.8.1)
    micro_test (0.3.2)
      os
    os (0.9.6)
    pry (0.9.10)
      coderay (~> 1.0.5)
      method_source (~> 0.8)
      slop (~> 3.3.1)
    slop (3.3.3)

PLATFORMS
  ruby

DEPENDENCIES
  micro_test
  pry
